PATH
  remote: .
  specs:
    stingy (0.0.1pre1)
      activerecord (>= 4, < 6)
      haml (~> 5.0, >= 5.0.4)
      hivemind-ruby (~> 0.1, >= 0.1.0)
      standalone_migrations (~> 5.2, >= 5.2.6)
      steem-mechanize (~> 0.0, >= 0.0.5)
      tty-markdown (~> 0.5, >= 0.5.0)

GEM
  remote: https://rubygems.org/
  specs:
    actionpack (5.2.2)
      actionview (= 5.2.2)
      activesupport (= 5.2.2)
      rack (~> 2.0)
      rack-test (>= 0.6.3)
      rails-dom-testing (~> 2.0)
      rails-html-sanitizer (~> 1.0, >= 1.0.2)
    actionview (5.2.2)
      activesupport (= 5.2.2)
      builder (~> 3.1)
      erubi (~> 1.4)
      rails-dom-testing (~> 2.0)
      rails-html-sanitizer (~> 1.0, >= 1.0.3)
    activemodel (5.2.2)
      activesupport (= 5.2.2)
    activerecord (5.2.2)
      activemodel (= 5.2.2)
      activesupport (= 5.2.2)
      arel (>= 9.0)
    activesupport (5.2.2)
      concurrent-ruby (~> 1.0, >= 1.0.2)
      i18n (>= 0.7, < 2)
      minitest (~> 5.1)
      tzinfo (~> 1.1)
    arel (9.0.0)
    base58 (0.2.3)
    bindata (2.4.4)
    bitcoin-ruby (0.0.18)
    builder (3.2.3)
    coderay (1.1.2)
    composite_primary_keys (11.1.0)
      activerecord (~> 5.2.1)
    concurrent-ruby (1.1.4)
    connection_pool (2.2.2)
    crass (1.0.4)
    domain_name (0.5.20180417)
      unf (>= 0.0.5, < 1.0.0)
    equatable (0.5.0)
    erubi (1.8.0)
    ffi (1.10.0)
    haml (5.0.4)
      temple (>= 0.8.0)
      tilt
    hashie (3.6.0)
    highline (2.0.1)
    hivemind-ruby (0.1.0)
      activerecord (>= 4, < 6)
      composite_primary_keys
      pg (~> 0.21)
      safe_attributes
    http-cookie (1.0.3)
      domain_name (~> 0.5)
    i18n (1.4.0)
      concurrent-ruby (~> 1.0)
    irb (1.0.0)
    json (2.1.0)
    kramdown (1.16.2)
    little-plugger (1.1.4)
    logging (2.2.2)
      little-plugger (~> 1.1)
      multi_json (~> 1.10)
    loofah (2.2.3)
      crass (~> 1.0.2)
      nokogiri (>= 1.5.9)
    mechanize (2.7.6)
      domain_name (~> 0.5, >= 0.5.1)
      http-cookie (~> 1.0)
      mime-types (>= 1.17.2)
      net-http-digest_auth (~> 1.1, >= 1.1.1)
      net-http-persistent (>= 2.5.2)
      nokogiri (~> 1.6)
      ntlm-http (~> 0.1, >= 0.1.1)
      webrobots (>= 0.0.9, < 0.2)
    method_source (0.9.2)
    mime-types (3.2.2)
      mime-types-data (~> 3.2015)
    mime-types-data (3.2018.0812)
    mini_portile2 (2.4.0)
    minitest (5.11.3)
    multi_json (1.13.1)
    net-http-digest_auth (1.4.1)
    net-http-persistent (3.0.0)
      connection_pool (~> 2.2)
    nokogiri (1.10.1)
      mini_portile2 (~> 2.4.0)
    ntlm-http (0.1.1)
    pastel (0.7.2)
      equatable (~> 0.5.0)
      tty-color (~> 0.4.0)
    pg (0.21.0)
    pry (0.12.2)
      coderay (~> 1.1.0)
      method_source (~> 0.9.0)
    rack (2.0.6)
    rack-test (1.1.0)
      rack (>= 1.0, < 3)
    rails-dom-testing (2.0.3)
      activesupport (>= 4.2.0)
      nokogiri (>= 1.6)
    rails-html-sanitizer (1.0.4)
      loofah (~> 2.2, >= 2.2.2)
    railties (5.2.2)
      actionpack (= 5.2.2)
      activesupport (= 5.2.2)
      method_source
      rake (>= 0.8.7)
      thor (>= 0.19.0, < 2.0)
    rake (12.3.2)
    rb-readline (0.5.5)
    rouge (3.3.0)
    safe_attributes (1.0.10)
      activerecord (>= 3.0.0)
    standalone_migrations (5.2.7)
      activerecord (>= 4.2.7, < 5.3.0)
      railties (>= 4.2.7, < 5.3.0)
      rake (>= 10.0)
    steem-mechanize (0.0.5)
      mechanize (~> 2.7, >= 2.7.5)
      steem-ruby (~> 0.9, >= 0.9.4)
    steem-ruby (0.9.4)
      base58 (~> 0.2, >= 0.2.3)
      bindata (~> 2.4, >= 2.4.4)
      bitcoin-ruby (~> 0.0, >= 0.0.18)
      ffi (~> 1.9, >= 1.9.23)
      hashie (~> 3.5, >= 3.5.7)
      json (~> 2.1, >= 2.1.0)
      logging (~> 2.2, >= 2.2.0)
    strings (0.1.4)
      strings-ansi (~> 0.1.0)
      unicode-display_width (~> 1.4.0)
      unicode_utils (~> 1.4.0)
    strings-ansi (0.1.0)
    temple (0.8.0)
    thor (0.20.3)
    thread_safe (0.3.6)
    tilt (2.0.9)
    tty-color (0.4.3)
    tty-markdown (0.5.1)
      kramdown (~> 1.16.2)
      pastel (~> 0.7.2)
      rouge (~> 3.3)
      strings (~> 0.1.4)
      tty-color (~> 0.4)
      tty-screen (~> 0.6)
    tty-screen (0.6.5)
    tzinfo (1.2.5)
      thread_safe (~> 0.1)
    unf (0.1.4)
      unf_ext
    unf_ext (0.0.7.5)
    unicode-display_width (1.4.1)
    unicode_utils (1.4.0)
    webrobots (0.1.2)

PLATFORMS
  ruby

DEPENDENCIES
  highline (~> 2.0, >= 2.0.1)
  hivemind-ruby
  irb
  pry
  rake (~> 12.1, >= 12.1.0)
  rb-readline (~> 0.5, >= 0.5.5)
  stingy!

BUNDLED WITH
   1.16.5
